GIT
  remote: https://github.com/cokernel/solr_ead.git
  revision: 8cf7ffaa66e0e4c9c0b12f5646d6c2e20984cd99
  specs:
    solr_ead (0.7.2)
      om (~> 3.0.0)
      rsolr
      sanitize
      solrizer (~> 3.1.0)

GEM
  remote: https://rubygems.org/
  specs:
    activemodel (4.2.5.1)
      activesupport (= 4.2.5.1)
      builder (~> 3.1)
    activesupport (4.2.5.1)
      i18n (~> 0.7)
      json (~> 1.7, >= 1.7.7)
      minitest (~> 5.1)
      thread_safe (~> 0.3, >= 0.3.4)
      tzinfo (~> 1.1)
    builder (3.2.2)
    crass (1.0.2)
    daemons (1.2.3)
    deprecation (0.2.2)
      activesupport
    haml (4.0.7)
      tilt
    i18n (0.7.0)
    json (1.8.3)
    mediashelf-loggable (0.4.10)
    mini_portile2 (2.0.0)
    minitest (5.8.4)
    nokogiri (1.6.7.2)
      mini_portile2 (~> 2.0.0.rc2)
    nokogumbo (1.4.7)
      nokogiri
    om (3.0.7)
      activemodel
      activesupport
      deprecation
      mediashelf-loggable
      nokogiri (>= 1.4.2)
      solrizer (~> 3.1.0)
    pairtree (0.1.0)
    parallel (1.6.2)
    rsolr (1.1.1)
      builder (>= 2.1.2)
    sanitize (4.0.1)
      crass (~> 1.0.2)
      nokogiri (>= 1.4.4)
      nokogumbo (~> 1.4.1)
    solrizer (3.1.1)
      activesupport
      daemons
      mediashelf-loggable (~> 0.4.7)
      nokogiri
      stomp
      xml-simple
    stomp (1.3.4)
    thread_safe (0.3.5)
    tilt (2.0.2)
    trollop (2.1.2)
    tzinfo (1.2.2)
      thread_safe (~> 0.1)
    xml-simple (1.1.5)

PLATFORMS
  ruby

DEPENDENCIES
  haml
  pairtree
  parallel
  solr_ead!
  trollop
